GEM
  remote: https://rubygems.org/
  specs:
    activesupport (5.0.2)
      concurrent-ruby (~> 1.0, >= 1.0.2)
      i18n (~> 0.7)
      minitest (~> 5.1)
      tzinfo (~> 1.1)
    airbrussh (1.1.2)
      sshkit (>= 1.6.1, != 1.7.0)
    babosa (1.0.2)
    backports (3.10.3)
    bcrypt (3.1.11)
    capistrano (3.8.0)
      airbrussh (>= 1.0.0)
      i18n
      rake (>= 10.0.0)
      sshkit (>= 1.9.0)
    capistrano-bundler (1.2.0)
      capistrano (~> 3.1)
      sshkit (~> 1.2)
    capistrano-inspeqtor (0.1.0)
      capistrano (~> 3.0)
    capistrano3-puma (3.1.0)
      capistrano (~> 3.7)
      capistrano-bundler
      puma (~> 3.4)
    coderay (1.1.1)
    concurrent-ruby (1.0.5)
    docile (1.1.5)
    execjs (2.7.0)
    i18n (0.8.1)
    json (2.1.0)
    method_source (0.8.2)
    minitest (5.8.5)
    multi_json (1.12.2)
    mustermann (1.0.1)
    net-scp (1.2.1)
      net-ssh (>= 2.6.5)
    net-ssh (4.1.0)
    oj (2.18.5)
    pg (0.20.0)
    pry (0.10.4)
      coderay (~> 1.1.0)
      method_source (~> 0.8.1)
      slop (~> 3.4)
    puma (3.8.2)
    purdytest (2.0.0)
      minitest (~> 5.5)
    rack (2.0.3)
    rack-flash3 (1.0.5)
      rack
    rack-protection (2.0.0)
      rack
    rack-test (0.6.3)
      rack (>= 1.0)
    rake (12.0.0)
    redis (3.3.3)
    redis-rack (2.0.1)
      rack (>= 2.0, < 3)
      redis-store (>= 1.2, < 1.4)
    redis-store (1.3.0)
      redis (>= 2.2)
    sass (3.4.23)
    semantic_logger (4.0.0)
      concurrent-ruby (~> 1.0)
    sequel (4.44.0)
    sequel_secure_password (0.2.14)
      bcrypt (>= 3.1, < 4.0)
      sequel (>= 4.1.0, < 5.0)
    shotgun (0.9.2)
      rack (>= 1.0)
    simplecov (0.14.1)
      docile (~> 1.1.0)
      json (>= 1.8, < 3)
      simplecov-html (~> 0.10.0)
    simplecov-html (0.10.1)
    sinatra (2.0.0)
      mustermann (~> 1.0)
      rack (~> 2.0)
      rack-protection (= 2.0.0)
      tilt (~> 2.0)
    sinatra-contrib (2.0.0)
      backports (>= 2.0)
      multi_json
      mustermann (~> 1.0)
      rack-protection (= 2.0.0)
      sinatra (= 2.0.0)
      tilt (>= 1.3, < 3)
    sinatra-cross_origin (0.4.0)
    sinatra-logger (0.3.2)
      semantic_logger
      sinatra
    sinatra-partial (0.4.0)
      sinatra
    slim (3.0.7)
      temple (~> 0.7.6)
      tilt (>= 1.3.3, < 2.1)
    slop (3.6.0)
    sprockets (3.7.1)
      concurrent-ruby (~> 1.0)
      rack (> 1, < 3)
    sprockets-helpers (1.2.1)
      sprockets (>= 2.2)
    sshkit (1.13.0)
      net-scp (>= 1.1.2)
      net-ssh (>= 2.8.0)
    temple (0.7.7)
    thread_safe (0.3.6)
    tilt (2.0.8)
    tzinfo (1.2.3)
      thread_safe (~> 0.1)
    uglifier (3.1.9)
      execjs (>= 0.3.0, < 3)
    warden (1.2.7)
      rack (>= 1.0)
    will_paginate (3.1.5)

PLATFORMS
  ruby

DEPENDENCIES
  activesupport
  babosa
  capistrano
  capistrano-bundler
  capistrano-inspeqtor
  capistrano3-puma
  minitest
  multi_json
  oj
  pg
  pry
  puma
  purdytest
  rack-flash3
  rack-test
  rake
  redis
  redis-rack
  sass
  sequel
  sequel_secure_password
  shotgun
  simplecov
  sinatra (~> 2.0)
  sinatra-contrib (~> 2.0)
  sinatra-cross_origin
  sinatra-logger
  sinatra-partial
  slim
  sprockets
  sprockets-helpers
  uglifier
  warden
  will_paginate (~> 3.1.0)

BUNDLED WITH
   1.14.6
